GIT
  remote: https://github.com/mike-bourgeous/mb-math.git
  revision: a7378de01890b2f39a9d3f86d9a3cda2c61c8c5c
  specs:
    mb-math (0.1.3.2.usegit)
      cmath (~> 1.0.0)
      mb-util (>= 0.1.0.usegit)
      numo-narray (~> 0.9.1)

GIT
  remote: https://github.com/mike-bourgeous/mb-sound-jackffi.git
  revision: 30381aec4e8e1ffd0ed5c2dc968a190911f497ad
  specs:
    mb-sound-jackffi (0.0.15.usegit)
      ffi (~> 1.13.0)
      numo-narray (~> 0.9.1)

GIT
  remote: https://github.com/mike-bourgeous/mb-util.git
  revision: 74c2d67aaddb39a8bf6d9b97aea3d45fdd2cc24b
  specs:
    mb-util (0.1.6.usegit)

PATH
  remote: .
  specs:
    mb-sound (0.3.2.usegit)
      cmath (~> 1.0.0)
      mb-math (>= 0.1.3.2.usegit)
      mb-util (>= 0.1.6.usegit)
      midi-nibbler (~> 0.2.4)
      numo-narray (~> 0.9.1.8)
      numo-pocketfft (~> 0.2.2)

GEM
  remote: https://rubygems.org/
  specs:
    byebug (11.1.3)
    cmath (1.0.0)
    coderay (1.1.3)
    diff-lcs (1.4.4)
    docile (1.4.0)
    ffi (1.13.1)
    method_source (1.0.0)
    midi-message (0.4.9)
    midi-nibbler (0.2.4)
      midi-message (~> 0.4, >= 0.4.4)
    numo-narray (0.9.1.9)
    numo-pocketfft (0.2.2)
      numo-narray (~> 0.9.1)
    pry (0.13.1)
      coderay (~> 1.1)
      method_source (~> 1.0)
    pry-byebug (3.9.0)
      byebug (~> 11.0)
      pry (~> 0.13.0)
    pry-doc (1.1.0)
      pry (~> 0.11)
      yard (~> 0.9.11)
    rake (13.0.1)
    rspec (3.10.0)
      rspec-core (~> 3.10.0)
      rspec-expectations (~> 3.10.0)
      rspec-mocks (~> 3.10.0)
    rspec-core (3.10.0)
      rspec-support (~> 3.10.0)
    rspec-expectations (3.10.0)
      diff-lcs (>= 1.2.0, < 2.0)
      rspec-support (~> 3.10.0)
    rspec-mocks (3.10.0)
      diff-lcs (>= 1.2.0, < 2.0)
      rspec-support (~> 3.10.0)
    rspec-support (3.10.0)
    simplecov (0.21.2)
      docile (~> 1.1)
      simplecov-html (~> 0.11)
      simplecov_json_formatter (~> 0.1)
    simplecov-html (0.12.3)
    simplecov_json_formatter (0.1.3)
    word_wrap (1.0.0)
    yard (0.9.25)

PLATFORMS
  ruby

DEPENDENCIES
  cmath
  mb-math!
  mb-sound!
  mb-sound-jackffi (>= 0.0.15.usegit)!
  mb-util!
  numo-narray
  pry
  pry-byebug
  pry-doc
  rake (~> 13.0.1)
  rspec
  simplecov (~> 0.21.2)
  word_wrap

BUNDLED WITH
   2.1.4
