GIT
  remote: https://github.com/mike-bourgeous/mb-math.git
  revision: d91920d53c625db0f54d1010f1dd70132d2d021a
  specs:
    mb-math (0.1.14.usegit)
      cmath (~> 1.0.0)
      mb-util (>= 0.1.0.usegit)
      numo-narray (~> 0.9.1)

GIT
  remote: https://github.com/mike-bourgeous/mb-sound-jackffi.git
  revision: 10305d4a66ce106c2f3cd92c552571f95da39574
  specs:
    mb-sound-jackffi (0.0.20.usegit)
      ffi (~> 1.13.0)
      numo-narray (~> 0.9.1)

GIT
  remote: https://github.com/mike-bourgeous/mb-util.git
  revision: 71ef73cba4912c25197e3930e9def2f5124399c8
  specs:
    mb-util (0.1.16.usegit)

PATH
  remote: .
  specs:
    mb-sound (0.7.1.usegit)
      cmath (~> 1.0.0)
      mb-math (>= 0.1.14.usegit)
      mb-util (>= 0.1.16.usegit)
      midi-nibbler (~> 0.2.4)
      midilib (~> 4.0.0)
      numo-narray (~> 0.9.1.8)
      numo-pocketfft (~> 0.2.2)

GEM
  remote: https://rubygems.org/
  specs:
    builder (3.2.4)
    byebug (11.1.3)
    cmath (1.0.0)
    coderay (1.1.3)
    diff-lcs (1.5.1)
    docile (1.4.1)
    ffi (1.13.1)
    method_source (1.1.0)
    midi-message (0.4.9)
    midi-nibbler (0.2.4)
      midi-message (~> 0.4, >= 0.4.4)
    midilib (4.0.2)
    numo-narray (0.9.1.9)
    numo-pocketfft (0.2.2)
      numo-narray (~> 0.9.1)
    pry (0.13.1)
      coderay (~> 1.1)
      method_source (~> 1.0)
    pry-byebug (3.9.0)
      byebug (~> 11.0)
      pry (~> 0.13.0)
    pry-doc (1.5.0)
      pry (~> 0.11)
      yard (~> 0.9.11)
    rake (13.0.6)
    rake-compiler (1.1.9)
      rake
    rspec (3.13.0)
      rspec-core (~> 3.13.0)
      rspec-expectations (~> 3.13.0)
      rspec-mocks (~> 3.13.0)
    rspec-core (3.13.2)
      rspec-support (~> 3.13.0)
    rspec-expectations (3.13.3)
      diff-lcs (>= 1.2.0, < 2.0)
      rspec-support (~> 3.13.0)
    rspec-mocks (3.13.2)
      diff-lcs (>= 1.2.0, < 2.0)
      rspec-support (~> 3.13.0)
    rspec-support (3.13.1)
    simplecov (0.21.2)
      docile (~> 1.1)
      simplecov-html (~> 0.11)
      simplecov_json_formatter (~> 0.1)
    simplecov-html (0.13.1)
    simplecov_json_formatter (0.1.4)
    word_wrap (1.0.0)
    yard (0.9.37)

PLATFORMS
  ruby

DEPENDENCIES
  builder (~> 3.2.4)
  cmath
  mb-math (>= 0.1.14.usegit)!
  mb-sound!
  mb-sound-jackffi (>= 0.0.19.usegit)!
  mb-util (>= 0.1.16.usegit)!
  numo-narray
  pry (~> 0.13.1)
  pry-byebug (~> 3.9.0)
  pry-doc
  rake (~> 13.0.1)
  rake-compiler (~> 1.1.1)
  rspec
  simplecov (~> 0.21.2)
  word_wrap

BUNDLED WITH
   2.1.4
