GIT
  remote: git@github.com:mike-bourgeous/mb-sound-jackffi
  revision: bf4ac77d7e98470c1543e44edc11e8cfc6307cfc
  specs:
    mb-sound-jackffi (0.0.2.usegit)
      ffi (~> 1.13.0)
      numo-narray (~> 0.9.1)

PATH
  remote: .
  specs:
    mb-sound (0.0.1.usegit)
      cmath (~> 1.0.0)
      numo-narray (~> 0.9.1.8)

GEM
  remote: https://rubygems.org/
  specs:
    byebug (11.1.3)
    cmath (1.0.0)
    coderay (1.1.3)
    diff-lcs (1.4.4)
    ffi (1.13.1)
    method_source (1.0.0)
    numo-narray (0.9.1.9)
    pry (0.13.1)
      coderay (~> 1.1)
      method_source (~> 1.0)
    pry-byebug (3.9.0)
      byebug (~> 11.0)
      pry (~> 0.13.0)
    pry-doc (1.1.0)
      pry (~> 0.11)
      yard (~> 0.9.11)
    rake (13.0.1)
    rspec (3.9.0)
      rspec-core (~> 3.9.0)
      rspec-expectations (~> 3.9.0)
      rspec-mocks (~> 3.9.0)
    rspec-core (3.9.2)
      rspec-support (~> 3.9.3)
    rspec-expectations (3.9.2)
      diff-lcs (>= 1.2.0, < 2.0)
      rspec-support (~> 3.9.0)
    rspec-mocks (3.9.1)
      diff-lcs (>= 1.2.0, < 2.0)
      rspec-support (~> 3.9.0)
    rspec-support (3.9.3)
    word_wrap (1.0.0)
    yard (0.9.25)

PLATFORMS
  ruby

DEPENDENCIES
  cmath
  mb-sound!
  mb-sound-jackffi!
  numo-narray
  pry
  pry-byebug
  pry-doc
  rake (~> 13.0.1)
  rspec
  word_wrap

BUNDLED WITH
   2.1.4
