GIT
  remote: https://github.com/mike-bourgeous/mb-math.git
  revision: 1aaa2c2b5564ec09c0a653a4eeecfdd43edfc750
  specs:
    mb-math (0.1.9.usegit)
      cmath (~> 1.0.0)
      mb-util (>= 0.1.0.usegit)
      numo-narray (~> 0.9.1)

GIT
  remote: https://github.com/mike-bourgeous/mb-sound-jackffi.git
  revision: f1abcfa49ecc3a5c1a376f048cb5cd297f9c1bcb
  specs:
    mb-sound-jackffi (0.0.19.usegit)
      ffi (~> 1.13.0)
      numo-narray (~> 0.9.1)

GIT
  remote: https://github.com/mike-bourgeous/mb-util.git
  revision: 1ef62b50381e8b6d16af38c3ce120626780aae53
  specs:
    mb-util (0.1.13.1.usegit)

PATH
  remote: .
  specs:
    mb-sound (0.6.6.usegit)
      cmath (~> 1.0.0)
      mb-math (>= 0.1.9.usegit)
      mb-util (>= 0.1.13.1.usegit)
      midi-nibbler (~> 0.2.4)
      midilib (~> 3.1.0)
      numo-narray (~> 0.9.1.8)
      numo-pocketfft (~> 0.2.2)

GEM
  remote: https://rubygems.org/
  specs:
    builder (3.2.4)
    byebug (11.1.3)
    cmath (1.0.0)
    coderay (1.1.3)
    diff-lcs (1.4.4)
    docile (1.4.0)
    ffi (1.13.1)
    method_source (1.0.0)
    midi-message (0.4.9)
    midi-nibbler (0.2.4)
      midi-message (~> 0.4, >= 0.4.4)
    midilib (3.1.0)
    numo-narray (0.9.1.9)
    numo-pocketfft (0.2.2)
      numo-narray (~> 0.9.1)
    pry (0.13.1)
      coderay (~> 1.1)
      method_source (~> 1.0)
    pry-byebug (3.9.0)
      byebug (~> 11.0)
      pry (~> 0.13.0)
    pry-doc (1.1.0)
      pry (~> 0.11)
      yard (~> 0.9.11)
    rake (13.0.1)
    rake-compiler (1.1.1)
      rake
    rspec (3.10.0)
      rspec-core (~> 3.10.0)
      rspec-expectations (~> 3.10.0)
      rspec-mocks (~> 3.10.0)
    rspec-core (3.10.0)
      rspec-support (~> 3.10.0)
    rspec-expectations (3.10.0)
      diff-lcs (>= 1.2.0, < 2.0)
      rspec-support (~> 3.10.0)
    rspec-mocks (3.10.0)
      diff-lcs (>= 1.2.0, < 2.0)
      rspec-support (~> 3.10.0)
    rspec-support (3.10.0)
    simplecov (0.21.2)
      docile (~> 1.1)
      simplecov-html (~> 0.11)
      simplecov_json_formatter (~> 0.1)
    simplecov-html (0.12.3)
    simplecov_json_formatter (0.1.3)
    word_wrap (1.0.0)
    yard (0.9.25)

PLATFORMS
  ruby

DEPENDENCIES
  builder (~> 3.2.4)
  cmath
  mb-math (>= 0.1.9.usegit)!
  mb-sound!
  mb-sound-jackffi (>= 0.0.19.usegit)!
  mb-util (>= 0.1.13.1.usegit)!
  numo-narray
  pry
  pry-byebug
  pry-doc
  rake (~> 13.0.1)
  rake-compiler (~> 1.1.1)
  rspec
  simplecov (~> 0.21.2)
  word_wrap

BUNDLED WITH
   2.1.4
